GIT
  remote: https://github.consilio.com/Automation/Browser-Framework.git
  revision: 783cdb8d431f0a76629a8059ca8ed6d805e3379b
  specs:
    TestFramework (0.0.9)

GEM
  remote: https://rubygems.org/
  specs:
    byebug (8.2.4)
    childprocess (0.5.9)
      ffi (~> 1.0, >= 1.0.11)
    coderay (1.1.1)
    commonwatir (4.0.0)
    diff-lcs (1.2.5)
    ffi (1.9.10-x64-mingw32)
    json (1.8.3)
    log4r (1.1.10)
    method_source (0.8.2)
    pry (0.10.3)
      coderay (~> 1.1.0)
      method_source (~> 0.8.1)
      slop (~> 3.4)
    rspec (3.4.0)
      rspec-core (~> 3.4.0)
      rspec-expectations (~> 3.4.0)
      rspec-mocks (~> 3.4.0)
    rspec-core (3.4.4)
      rspec-support (~> 3.4.0)
    rspec-expectations (3.4.0)
      diff-lcs (>= 1.2.0, < 2.0)
      rspec-support (~> 3.4.0)
    rspec-mocks (3.4.1)
      diff-lcs (>= 1.2.0, < 2.0)
      rspec-support (~> 3.4.0)
    rspec-support (3.4.1)
    rubyzip (1.2.0)
    selenium-webdriver (2.53.0)
      childprocess (~> 0.5)
      rubyzip (~> 1.0)
      websocket (~> 1.0)
    slop (3.6.0)
    solid_assert (0.8.0)
    watir (5.0.0)
      commonwatir (~> 4)
      watir-webdriver
    watir-webdriver (0.9.1)
      selenium-webdriver (>= 2.46.2)
    websocket (1.2.3)

PLATFORMS
  x64-mingw32

DEPENDENCIES
  TestFramework!
  byebug
  json
  log4r
  pry
  rspec
  solid_assert
  watir
  watir-webdriver

BUNDLED WITH
   1.11.2
